GEM
  remote: http://rubygems.org/
  specs:
    arrayfields (4.7.4)
    aruba (0.2.4)
      background_process
      cucumber (~> 0.9.3)
    autotest (4.3.2)
    background_process (1.2)
    builder (2.1.2)
    chronic (0.3.0)
    colored (1.2)
    cucumber (0.9.3)
      builder (~> 2.1.2)
      diff-lcs (~> 1.1.2)
      gherkin (~> 2.2.9)
      json (~> 1.4.6)
      term-ansicolor (~> 1.0.5)
    diff-lcs (1.1.2)
    fattr (2.2.0)
    gherkin (2.2.9)
      json (~> 1.4.6)
      term-ansicolor (~> 1.0.5)
    git (1.2.5)
    highline (1.6.1)
    jeweler (1.5.0)
      bundler (~> 1.0.0)
      git (>= 1.2.5)
      rake
    json (1.4.6)
    main (4.2.0)
      arrayfields (>= 4.7.4)
      fattr (>= 2.1.0)
    rake (0.8.7)
    rcov (0.9.9)
    rspec (2.0.0)
      rspec-core (= 2.0.0)
      rspec-expectations (= 2.0.0)
      rspec-mocks (= 2.0.0)
    rspec-core (2.0.0)
    rspec-expectations (2.0.0)
      diff-lcs (>= 1.1.2)
    rspec-mocks (2.0.0)
      rspec-core (= 2.0.0)
      rspec-expectations (= 2.0.0)
    term-ansicolor (1.0.5)

PLATFORMS
  ruby

DEPENDENCIES
  aruba (= 0.2.4)
  autotest (~> 4.3.0)
  chronic (= 0.3.0)
  colored (= 1.2)
  cucumber (= 0.9.3)
  fattr (= 2.2.0)
  highline (= 1.6.1)
  jeweler (= 1.5.0)
  main (= 4.2.0)
  rcov (= 0.9.9)
  rspec (= 2.0.0)
