GEM
  remote: http://rubygems.org/
  specs:
    arrayfields (4.7.4)
    chronic (0.3.0)
    colored (1.2)
    diff-lcs (1.1.2)
    fattr (2.1.0)
    git (1.2.5)
    highline (1.6.1)
    jeweler (1.5.0.pre5)
      bundler (~> 1.0.0)
      git (>= 1.2.5)
      rake
    main (4.2.0)
      arrayfields (>= 4.7.4)
      fattr (>= 2.1.0)
    rake (0.8.7)
    rcov (0.9.9)
    rspec (2.0.1)
      rspec-core (~> 2.0.1)
      rspec-expectations (~> 2.0.1)
      rspec-mocks (~> 2.0.1)
    rspec-core (2.0.1)
    rspec-expectations (2.0.1)
      diff-lcs (>= 1.1.2)
    rspec-mocks (2.0.1)
      rspec-core (~> 2.0.1)
      rspec-expectations (~> 2.0.1)

PLATFORMS
  ruby

DEPENDENCIES
  bundler (~> 1.0.0)
  chronic (= 0.3.0)
  colored (= 1.2)
  highline (= 1.6.1)
  jeweler (~> 1.5.0.pre5)
  main (= 4.2.0)
  rcov
  rspec (~> 2.0.0)
